PATH
  remote: .
  specs:
    proxy-server (0.0.7)
      em-http-request
      em-synchrony
      goliath (= 0.9.2)
      httpclient
      json (>= 1.4.6)
      sinatra (>= 1.2.6)
      thin

GEM
  remote: http://rubygems.org/
  specs:
    addressable (2.2.6)
    async-rack (0.5.1)
      rack (~> 1.1)
    crack (0.3.1)
    daemons (1.1.4)
    diff-lcs (1.1.3)
    em-http-request (1.0.0)
      addressable (>= 2.2.3)
      em-socksify
      eventmachine (>= 1.0.0.beta.3)
      http_parser.rb (>= 0.5.2)
    em-socksify (0.1.0)
      eventmachine
    em-synchrony (1.0.0)
      eventmachine (>= 1.0.0.beta.1)
    eventmachine (1.0.0.beta.4)
    goliath (0.9.2)
      async-rack
      em-synchrony (>= 0.3.0.beta.1)
      eventmachine (>= 1.0.0.beta.3)
      http_parser.rb
      http_router (~> 0.8.9)
      log4r
      multi_json
      rack (>= 1.2.2)
      rack-contrib
      rack-respond_to
    http_parser.rb (0.5.3)
    http_router (0.8.11)
      rack (>= 1.0.0)
      url_mount (~> 0.2.1)
    httpclient (2.2.4)
    json (1.6.3)
    log4r (1.1.9)
    multi_json (1.0.4)
    rack (1.3.5)
    rack-accept-media-types (0.9)
    rack-contrib (1.1.0)
      rack (>= 0.9.1)
    rack-protection (1.1.4)
      rack
    rack-respond_to (0.9.8)
      rack-accept-media-types (>= 0.6)
    rack-test (0.6.1)
      rack (>= 1.0)
    rake (0.9.2.2)
    rspec (2.7.0)
      rspec-core (~> 2.7.0)
      rspec-expectations (~> 2.7.0)
      rspec-mocks (~> 2.7.0)
    rspec-core (2.7.1)
    rspec-expectations (2.7.0)
      diff-lcs (~> 1.1.2)
    rspec-mocks (2.7.0)
    simplecov (0.5.4)
      multi_json (~> 1.0.3)
      simplecov-html (~> 0.5.3)
    simplecov-html (0.5.3)
    sinatra (1.3.1)
      rack (~> 1.3, >= 1.3.4)
      rack-protection (~> 1.1, >= 1.1.2)
      tilt (~> 1.3, >= 1.3.3)
    thin (1.3.1)
      daemons (>= 1.0.9)
      eventmachine (>= 0.12.6)
      rack (>= 1.0.0)
    tilt (1.3.3)
    url_mount (0.2.1)
      rack
    webmock (1.7.8)
      addressable (~> 2.2, > 2.2.5)
      crack (>= 0.1.7)

PLATFORMS
  ruby
  x86-mingw32

DEPENDENCIES
  proxy-server!
  rack-test (>= 0.5.7)
  rake (>= 0.9.2)
  rspec (>= 2.7.0)
  simplecov (>= 0.4.2)
  webmock
