PATH
  remote: .
  specs:
    proxy-server (0.0.5)
      httpclient
      json (>= 1.4.6)
      sinatra (>= 1.2.6)
      thin

GEM
  remote: http://rubygems.org/
  specs:
    addressable (2.2.6)
    crack (0.3.1)
    daemons (1.1.4)
    diff-lcs (1.1.3)
    eventmachine (1.0.0.beta.4.1-x86-mingw32)
    httpclient (2.2.3)
    json (1.6.1)
    multi_json (1.0.3)
    rack (1.3.5)
    rack-protection (1.1.4)
      rack
    rack-test (0.6.1)
      rack (>= 1.0)
    rake (0.9.2.2)
    rspec (2.7.0)
      rspec-core (~> 2.7.0)
      rspec-expectations (~> 2.7.0)
      rspec-mocks (~> 2.7.0)
    rspec-core (2.7.1)
    rspec-expectations (2.7.0)
      diff-lcs (~> 1.1.2)
    rspec-mocks (2.7.0)
    simplecov (0.5.4)
      multi_json (~> 1.0.3)
      simplecov-html (~> 0.5.3)
    simplecov-html (0.5.3)
    sinatra (1.3.1)
      rack (~> 1.3, >= 1.3.4)
      rack-protection (~> 1.1, >= 1.1.2)
      tilt (~> 1.3, >= 1.3.3)
    thin (1.3.1)
      daemons (>= 1.0.9)
      eventmachine (>= 0.12.6)
      rack (>= 1.0.0)
    tilt (1.3.3)
    webmock (1.7.6)
      addressable (~> 2.2, > 2.2.5)
      crack (>= 0.1.7)

PLATFORMS
  x86-mingw32

DEPENDENCIES
  proxy-server!
  rack-test (>= 0.5.7)
  rake (>= 0.9.2)
  rspec (>= 2.7.0)
  simplecov (>= 0.4.2)
  webmock
