PATH
  remote: .
  specs:
    proxy-server (0.0.1)
      json (>= 1.4.6)
      sinatra (>= 1.2.6)

GEM
  remote: http://rubygems.org/
  specs:
    diff-lcs (1.1.3)
    httparty (0.8.1)
      multi_json
      multi_xml
    json (1.6.1)
    multi_json (1.0.3)
    multi_xml (0.4.1)
    rack (1.3.4)
    rack-protection (1.1.4)
      rack
    rack-test (0.6.1)
      rack (>= 1.0)
    rake (0.9.2)
    rspec (2.6.0)
      rspec-core (~> 2.6.0)
      rspec-expectations (~> 2.6.0)
      rspec-mocks (~> 2.6.0)
    rspec-core (2.6.4)
    rspec-expectations (2.6.0)
      diff-lcs (~> 1.1.2)
    rspec-mocks (2.6.0)
    simplecov (0.5.4)
      multi_json (~> 1.0.3)
      simplecov-html (~> 0.5.3)
    simplecov-html (0.5.3)
    sinatra (1.3.1)
      rack (~> 1.3, >= 1.3.4)
      rack-protection (~> 1.1, >= 1.1.2)
      tilt (~> 1.3, >= 1.3.3)
    tilt (1.3.3)

PLATFORMS
  ruby

DEPENDENCIES
  httparty
  proxy-server!
  rack-test (>= 0.5.7)
  rake (>= 0.9.2)
  rspec (>= 2.6.0)
  simplecov (>= 0.4.2)
